GEM
  remote: http://rubygems.org/
  specs:
    activesupport (3.2.7)
      i18n (~> 0.6)
      multi_json (~> 1.0)
    ansi (1.4.3)
    builder (3.0.0)
    hashie (1.2.0)
    i18n (0.6.0)
    minitest (3.3.0)
    minitest-reporters (0.10.1)
      ansi
      builder
      minitest (>= 2.12, < 4.0)
      powerbar
    multi_json (1.3.6)
    powerbar (1.0.8)
      ansi (~> 1.4.0)
      hashie (>= 1.1.0)

PLATFORMS
  ruby

DEPENDENCIES
  activesupport (>= 3.1.0)
  i18n (>= 0.0.4)
  minitest
  minitest-reporters (>= 0.5.0)
