GEM
  remote: https://rubygems.org/
  specs:
    activesupport (8.0.0)
      base64
      benchmark (>= 0.3)
      bigdecimal
      concurrent-ruby (~> 1.0, >= 1.3.1)
      connection_pool (>= 2.2.5)
      drb
      i18n (>= 1.6, < 2)
      logger (>= 1.4.2)
      minitest (>= 5.1)
      securerandom (>= 0.3)
      tzinfo (~> 2.0, >= 2.0.5)
      uri (>= 0.13.1)
    base64 (0.2.0)
    benchmark (0.4.0)
    bigdecimal (3.1.8)
    coderay (1.1.3)
    concurrent-ruby (1.3.4)
    connection_pool (2.4.1)
    drb (2.2.1)
    five_leaves (0.2.1)
    forwardable (1.3.3)
    highline (3.1.1)
      reline
    i18n (1.14.6)
      concurrent-ruby (~> 1.0)
    io-console (0.7.2)
    logger (1.6.1)
    method_source (1.1.0)
    minitest (5.25.2)
    posto (0.4.0)
      activesupport
      five_leaves
      highline
    prime (0.1.3)
      forwardable
      singleton
    pry (0.15.0)
      coderay (~> 1.1)
      method_source (~> 1.0)
    rake (13.2.1)
    reline (0.5.12)
      io-console (~> 0.5)
    securerandom (0.3.2)
    singleton (0.3.0)
    tzinfo (2.0.6)
      concurrent-ruby (~> 1.0)
    uri (1.0.2)

PLATFORMS
  arm64-darwin-24

DEPENDENCIES
  activesupport
  five_leaves
  i18n (>= 0.0.4)
  minitest
  posto
  prime
  pry
  rake

BUNDLED WITH
   2.5.22
